NUGET
  remote: https://www.nuget.org/api/v2
  specs:
    ExternalAnnotationsGenerator (2.0)
    Newtonsoft.Json (7.0.1)
    NLog (4.1.2)

GROUP Build
NUGET
  remote: https://www.nuget.org/api/v2
  specs:
    FAKE (4.4.2)
