NUGET
  remote: https://www.nuget.org/api/v2
  specs:
    ExternalAnnotationsGenerator (1.0.0.0)
    NLog (4.1.1)

GROUP Build
NUGET
  remote: https://www.nuget.org/api/v2
  specs:
    FAKE (4.4.2)
